GIT
  remote: https://github.com/danhigham/rack-coffee
  revision: 4ccd23bfc3019bda19db88c1f03d1a3b0f76124f
  specs:
    rack-coffee (0.3.4)
      rack

GEM
  remote: http://rubygems.org/
  specs:
    backports (2.6.1)
    coffee-script (2.2.0)
      coffee-script-source
      execjs
    coffee-script-source (1.3.3)
    eventmachine (0.12.10)
    execjs (1.4.0)
      multi_json (~> 1.0)
    haml (3.1.6)
    libv8 (3.3.10.4)
    multi_json (1.3.6)
    rack (1.4.1)
    rack-protection (1.2.0)
      rack
    rack-test (0.6.1)
      rack (>= 1.0)
    sinatra (1.3.2)
      rack (~> 1.3, >= 1.3.6)
      rack-protection (~> 1.2)
      tilt (~> 1.3, >= 1.3.3)
    sinatra-contrib (1.3.1)
      backports (>= 2.0)
      eventmachine
      rack-protection
      rack-test
      sinatra (~> 1.3.0)
      tilt (~> 1.3)
    sinatra-reloader (1.0)
      sinatra-contrib
    therubyracer (0.10.1)
      libv8 (~> 3.3.10)
    tilt (1.3.3)

PLATFORMS
  ruby

DEPENDENCIES
  coffee-script
  haml
  rack-coffee!
  sinatra
  sinatra-reloader
  therubyracer
